GEM
  remote: https://rubygems.org/
  specs:
    rack (1.6.4)
    rack-protection (1.5.3)
      rack
    sinatra (1.4.7)
      rack (~> 1.5)
      rack-protection (~> 1.4)
      tilt (>= 1.3, < 3)
    sinatra-cross_origin (0.3.2)
    tilt (2.0.2)

PLATFORMS
  ruby

DEPENDENCIES
  sinatra (= 1.4.7)
  sinatra-cross_origin (= 0.3.2)

BUNDLED WITH
   1.11.2
